GIT
  remote: git://github.com/Sutto/validation_reflection.git
  revision: 311ab56
  specs:
    validation_reflection (0.3.7)

GIT
  remote: git://github.com/mislav/will_paginate.git
  revision: 60aa1c7
  branch: rails3
  specs:
    will_paginate (3.0.pre)

GIT
  remote: git://github.com/miyucy/annotate_models.git
  revision: ace84ab
  specs:
    annotate (2.4.0)

GIT
  remote: git://github.com/odorcicd/authlogic.git
  revision: a087ad0
  branch: rails3
  specs:
    authlogic (2.1.3)
      activesupport

GIT
  remote: git://github.com/tardate/authlogic_rpx.git
  revision: 6d1d9f6
  specs:
    authlogic_rpx (1.1.1)
      authlogic (>= 2.1.3)
      rpx_now (>= 0.6.12)

GEM
  remote: http://rubygems.org/
  specs:
    RedCloth (4.2.3)
    ZenTest (4.3.3)
    abstract (1.0.0)
    actionmailer (3.0.0.beta4)
      actionpack (= 3.0.0.beta4)
      mail (~> 2.2.3)
    actionpack (3.0.0.beta4)
      activemodel (= 3.0.0.beta4)
      activesupport (= 3.0.0.beta4)
      builder (~> 2.1.2)
      erubis (~> 2.6.5)
      i18n (~> 0.4.1)
      rack (~> 1.1.0)
      rack-mount (~> 0.6.3)
      rack-test (~> 0.5.4)
      tzinfo (~> 0.3.16)
    activemodel (3.0.0.beta4)
      activesupport (= 3.0.0.beta4)
      builder (~> 2.1.2)
      i18n (~> 0.4.1)
    activerecord (3.0.0.beta4)
      activemodel (= 3.0.0.beta4)
      activesupport (= 3.0.0.beta4)
      arel (~> 0.4.0)
      tzinfo (~> 0.3.16)
    activeresource (3.0.0.beta4)
      activemodel (= 3.0.0.beta4)
      activesupport (= 3.0.0.beta4)
    activesupport (3.0.0.beta4)
    almost-happy (0.3.0)
      RedCloth
      activerecord (>= 3.0.0.beta3)
      nokogiri
      open4
      rdiscount
    arel (0.4.0)
      activesupport (>= 3.0.0.beta)
    awesome_print (0.2.1)
    barista (0.5.0)
      open4
    barista_growl (0.1.0)
      barista
      growl
    bcrypt-ruby (2.1.2)
    bhm-admin (0.1.4)
      compass (>= 0.10.0.rc4)
      compass-960-plugin
      compass-colors
      fancy-buttons
      inherited_resources
      jammit
      show_for
      will_paginate
      will_paginate
    bhm-google-maps (0.1.3)
    builder (2.1.2)
    cgi_multipart_eof_fix (2.5.0)
    closure-compiler (0.3.2)
    compass (0.10.2)
      haml (>= 3.0.4)
    compass-960-plugin (0.9.13)
      compass (>= 0.10.0.rc3)
    compass-colors (0.3.1)
      compass (>= 0.8.7)
    daemons (1.1.0)
    diff-lcs (1.1.2)
    erubis (2.6.6)
      abstract (>= 1.0.0)
    fancy-buttons (0.5.4)
      compass (>= 0.10.0)
      haml (>= 3.0.2)
    fastthread (1.0.7)
    forgery (0.3.4)
    formtastic (1.0.0.beta)
      actionpack (>= 2.3.0)
      activesupport (>= 2.3.0)
    gem_plugin (0.2.3)
    growl (1.0.3)
    haml (3.0.13)
    has_scope (0.5.0)
    i18n (0.4.1)
    inherited_resources (1.1.2)
      has_scope (~> 0.5.0)
      responders (~> 0.6.0)
    jammit (0.5.1)
      closure-compiler (>= 0.1.0)
      yui-compressor (>= 0.9.1)
    json (1.4.3)
    json_pure (1.4.3)
    macaddr (1.0.0)
    machinist (2.0.0.beta2)
    mail (2.2.5)
      activesupport (>= 2.3.6)
      mime-types
      treetop (>= 1.4.5)
    mail_form (1.3.0)
    mime-types (1.16)
    mongrel (1.1.5)
      cgi_multipart_eof_fix (>= 2.4)
      daemons (>= 1.0.3)
      fastthread (>= 1.0.1)
      gem_plugin (>= 0.2.3)
    msales-carmen (0.1.4)
    mysql (2.8.1)
    nokogiri (1.4.2)
    open4 (1.0.1)
    polyglot (0.3.1)
    pseudocephalopod (0.2.4)
      activerecord (>= 3.0.0.beta2)
      activesupport (>= 3.0.0.beta2)
      uuid
    rack (1.1.0)
    rack-mount (0.6.9)
      rack (>= 1.0.0)
    rack-test (0.5.4)
      rack (>= 1.0)
    rails (3.0.0.beta4)
      actionmailer (= 3.0.0.beta4)
      actionpack (= 3.0.0.beta4)
      activerecord (= 3.0.0.beta4)
      activeresource (= 3.0.0.beta4)
      activesupport (= 3.0.0.beta4)
      bundler (>= 0.9.26)
      railties (= 3.0.0.beta4)
    rails3-generators (0.10.3)
    railties (3.0.0.beta4)
      actionpack (= 3.0.0.beta4)
      activesupport (= 3.0.0.beta4)
      rake (>= 0.8.3)
      thor (~> 0.13.6)
    rake (0.8.7)
    rdiscount (1.6.5)
    remarkable (4.0.0.alpha4)
      rspec (>= 2.0.0.alpha11)
    remarkable_activemodel (4.0.0.alpha4)
      remarkable (~> 4.0.0.alpha4)
      rspec (>= 2.0.0.alpha11)
    remarkable_activerecord (4.0.0.alpha4)
      remarkable (~> 4.0.0.alpha4)
      remarkable_activemodel (~> 4.0.0.alpha4)
      rspec (>= 2.0.0.alpha11)
    responders (0.6.1)
    rpx_now (0.6.21)
      json_pure
    rr (0.10.11)
    rspec (2.0.0.beta.17)
      rspec-core (= 2.0.0.beta.17)
      rspec-expectations (= 2.0.0.beta.17)
      rspec-mocks (= 2.0.0.beta.17)
    rspec-core (2.0.0.beta.17)
    rspec-expectations (2.0.0.beta.17)
      diff-lcs (>= 1.1.2)
    rspec-mocks (2.0.0.beta.17)
    rspec-rails (2.0.0.beta.17)
      rspec (>= 2.0.0.beta.14)
      webrat (>= 0.7.0)
    show_for (0.2.2)
    shuriken (0.1.4)
    state_machine (0.9.3)
    stringex (1.1.0)
    thor (0.13.8)
    title_estuary (1.2.0)
    treetop (1.4.8)
      polyglot (>= 0.3.1)
    tzinfo (0.3.22)
    uuid (2.3.1)
      macaddr (~> 1.0)
    validates_url_format_of (0.1.0)
      activerecord (>= 2.3.4)
    webrat (0.7.1)
      nokogiri (>= 1.2.0)
      rack (>= 1.0)
      rack-test (>= 0.5.3)
    youthtree-controller-ext (0.1.0)
      activesupport (>= 3.0.0.beta4)
    youthtree-js (0.1.1)
    youthtree-settings (0.1.1)
      activesupport (>= 3.0.0.beta4)
    yui-compressor (0.9.1)

PLATFORMS
  ruby

DEPENDENCIES
  ZenTest
  almost-happy (>= 0.3.0)
  annotate!
  authlogic!
  authlogic_rpx!
  awesome_print
  barista (>= 0.5.0)
  barista_growl
  bcrypt-ruby (>= 2.1.2)
  bhm-admin (>= 0.1.4)
  bhm-google-maps
  compass (>= 0.10.2)
  compass-colors (>= 0.3.1)
  fancy-buttons (>= 0.5.4)
  forgery
  formtastic (>= 1.0.0.beta)
  haml (>= 3.0.13)
  inherited_resources
  jammit
  json
  machinist (>= 2.0.0.beta2)
  mail_form
  mongrel
  msales-carmen (>= 0.1.4)
  mysql
  nokogiri
  pseudocephalopod (>= 0.2.4)
  rails (= 3.0.0.beta4)
  rails3-generators
  remarkable (>= 4.0.0.alpah4)
  remarkable_activerecord (>= 4.0.0.alpah4)
  rpx_now
  rr
  rspec (>= 2.0.0.beta.16)
  rspec-rails (>= 2.0.0.beta.16)
  show_for
  shuriken
  state_machine (>= 0.9.0)
  stringex
  title_estuary (>= 1.2.0)
  uuid
  validates_url_format_of
  validation_reflection (>= 0.3.6)!
  will_paginate (>= 3.0.pre)!
  youthtree-controller-ext
  youthtree-js
  youthtree-settings (>= 0.1.1)
